STORAGE: NONE
NUGET
  remote: https://www.nuget.org/api/v2
    Fable.Browser.Blob (1.1) - restriction: >= netstandard2.0
      Fable.Core (>= 3.0) - restriction: >= netstandard2.0
      FSharp.Core (>= 4.6.2) - restriction: >= netstandard2.0
    Fable.Browser.Dom (1.1) - restriction: >= netstandard2.0
      Fable.Browser.Blob (>= 1.1) - restriction: >= netstandard2.0
      Fable.Browser.Event (>= 1.0) - restriction: >= netstandard2.0
      Fable.Browser.WebStorage (>= 1.0) - restriction: >= netstandard2.0
      Fable.Core (>= 3.0) - restriction: >= netstandard2.0
      FSharp.Core (>= 4.6.2) - restriction: >= netstandard2.0
    Fable.Browser.Event (1.0) - restriction: >= netstandard2.0
      Fable.Core (>= 3.0) - restriction: >= netstandard2.0
      FSharp.Core (>= 4.5.2) - restriction: >= netstandard2.0
    Fable.Browser.WebStorage (1.0) - restriction: >= netstandard2.0
      Fable.Browser.Event (>= 1.0) - restriction: >= netstandard2.0
      Fable.Core (>= 3.0) - restriction: >= netstandard2.0
      FSharp.Core (>= 4.5.2) - restriction: >= netstandard2.0
    Fable.Core (3.1.1) - restriction: >= netstandard2.0
      FSharp.Core (>= 4.5.2) - restriction: >= netstandard2.0
    Fable.Elmish (3.0.6) - restriction: >= netstandard2.0
      Fable.Core (>= 3.0) - restriction: >= netstandard2.0
      FSharp.Core (>= 4.6.2) - restriction: >= netstandard2.0
    Fable.Elmish.Browser (3.0.1) - restriction: >= netstandard2.0
      Fable.Browser.Dom (>= 1.0) - restriction: >= netstandard2.0
      Fable.Core (>= 3.0) - restriction: >= netstandard2.0
      Fable.Elmish (>= 3.0) - restriction: >= netstandard2.0
      FSharp.Core (>= 4.6.2) - restriction: >= netstandard2.0
    Fable.Elmish.HMR (4.0.1)
      Fable.Core (>= 3.0) - restriction: >= netstandard2.0
      Fable.Elmish.Browser (>= 3.0) - restriction: >= netstandard2.0
      Fable.Elmish.React (>= 3.0.1) - restriction: >= netstandard2.0
      FSharp.Core (>= 4.6.2) - restriction: >= netstandard2.0
    Fable.Elmish.React (3.0.1)
      Fable.Core (>= 3.0) - restriction: >= netstandard2.0
      Fable.Elmish (>= 3.0) - restriction: >= netstandard2.0
      Fable.React (>= 5.1) - restriction: >= netstandard2.0
      FSharp.Core (>= 4.6.2) - restriction: >= netstandard2.0
    Fable.React (5.3.2) - restriction: >= netstandard2.0
      Fable.Browser.Dom (>= 1.0) - restriction: >= netstandard2.0
      Fable.Core (>= 3.0) - restriction: >= netstandard2.0
      FSharp.Core (>= 4.6.2) - restriction: >= netstandard2.0
    FSharp.Core (4.7) - restriction: >= netstandard2.0
GITHUB
  remote: MangelMaxime/fulma-demo
    src/Bindings/Showdown.fs (e4a8150cf1de82fda533792d3186a65bb602a5c5)